GEM
  remote: https://rubygems.org/
  specs:
    glu (8.3.0)
    glut (8.3.0)
    gosu (0.13.2)
    json (2.3.0)
    opengl (0.10.0)
    ruby-opengl (0.61.0)
      opengl

PLATFORMS
  ruby

DEPENDENCIES
  glu (= 8.3.0)
  glut (= 8.3.0)
  gosu (= 0.13.2)
  json (= 2.3.0)
  opengl (= 0.10.0)
  ruby-opengl (= 0.61.0)

BUNDLED WITH
   1.16.0
