GEM
  remote: http://rubygems.org/
  specs:
    gosu (0.7.29)
    json (1.5.1)
    mkrf (0.2.3)
    rake (0.9.2.2)
    ruby-opengl (0.60.1)
      mkrf (>= 0.2.0)
      rake
    ruby-opengl2 (0.60.3)

PLATFORMS
  ruby

DEPENDENCIES
  gosu
  json
  mkrf
  ruby-opengl
  ruby-opengl2
